GEM
  remote: http://rubygems.org/
  specs:
    execjs (1.3.0)
      multi_json (~> 1.0)
    hike (1.2.1)
    jsmin (1.0.1)
    multi_json (1.1.0)
    rack (1.4.1)
    rack-protection (1.2.0)
      rack
    sinatra (1.3.2)
      rack (>= 1.3.6, ~> 1.3)
      rack-protection (~> 1.2)
      tilt (>= 1.3.3, ~> 1.3)
    sprockets (2.3.1)
      hike (~> 1.2)
      multi_json (~> 1.0)
      rack (~> 1.0)
      tilt (!= 1.3.0, ~> 1.1)
    tilt (1.3.3)
    uglifier (1.2.3)
      execjs (>= 0.3.0)
      multi_json (>= 1.0.2)

PLATFORMS
  ruby

DEPENDENCIES
  jsmin
  sinatra
  sprockets
  uglifier
